GIT
  remote: git@github.com:chriscz/bar
  revision: 5a2b76086e8033cf9f8a9ac4e7ce65402dba0358
  branch: main
  specs:
    bar-git (0.1.0)

GIT
  remote: git@github.com:chriscz/bar-git-fixed
  revision: cbdceb7e3328fefdf7246ea32a77dd0303784984
  branch: main
  specs:
    bar-git-fixed (0.1.0)

PATH
  remote: ../bar-path
  specs:
    bar-path (0.1.0)

GEM
  remote: https://rubygems.org/
  specs:

PLATFORMS
  x86_64-linux

DEPENDENCIES
  bar-git!
  bar-git-fixed!
  bar-path!

RUBY VERSION
   ruby 2.7.2p137

BUNDLED WITH
   2.2.16
